GEM
  remote: https://rubygems.org/
  specs:
    ast (2.4.2)
    childprocess (3.0.0)
    ffi (1.11.3)
    parser (2.7.2.0)
      ast (~> 2.4.1)
    seeing_is_believing (4.0.1)
      childprocess (~> 3.0.0)
      ffi (~> 1.11.1)
      parser (~> 2.7.0)

PLATFORMS
  ruby

DEPENDENCIES
  seeing_is_believing

BUNDLED WITH
   2.1.4
