GEM
  remote: https://rubygems.org/
  specs:
    deep_merge (1.2.1)
    hashdiff (0.3.8)
    multi_json (1.13.1)
    oj (2.18.5)
    parallel (1.17.0)
    phraseapp-ruby (1.6.0)
    phraseapp_updater (2.0.7)
      deep_merge (~> 1.1)
      hashdiff (~> 0.3)
      multi_json (~> 1.12)
      oj (~> 2.18)
      parallel (~> 1.12)
      phraseapp-ruby (~> 1.3)
      thor (~> 0.19)
    thor (0.20.3)

PLATFORMS
  ruby

DEPENDENCIES
  phraseapp_updater

BUNDLED WITH
   1.17.2
